GEM
  remote: https://rubygems.org/
  specs:
    actionpack (3.2.13)
      activemodel (= 3.2.13)
      activesupport (= 3.2.13)
      builder (~> 3.0.0)
      erubis (~> 2.7.0)
      journey (~> 1.0.4)
      rack (~> 1.4.5)
      rack-cache (~> 1.2)
      rack-test (~> 0.6.1)
      sprockets (~> 2.2.1)
    activemodel (3.2.13)
      activesupport (= 3.2.13)
      builder (~> 3.0.0)
    activesupport (3.2.13)
      i18n (= 0.6.1)
      multi_json (~> 1.0)
    awesome_print (1.1.0)
    bourne (1.4.0)
      mocha (~> 0.13.2)
    builder (3.0.4)
    diff-lcs (1.2.1)
    erubis (2.7.0)
    fancy_irb (0.7.3)
      paint (>= 0.8.1)
      unicode-display_width (>= 0.1.1)
    hike (1.2.1)
    hirb (0.7.1)
    i18n (0.6.1)
    journey (1.0.4)
    json (1.7.7)
    metaclass (0.0.1)
    mobj (2.4.0)
    mocha (0.13.3)
      metaclass (~> 0.0.1)
    multi_json (1.7.2)
    paint (0.8.5)
    rack (1.4.5)
    rack-cache (1.2)
      rack (>= 0.4)
    rack-protection (1.5.0)
      rack
    rack-ssl (1.3.3)
      rack
    rack-test (0.6.2)
      rack (>= 1.0)
    railties (3.2.13)
      actionpack (= 3.2.13)
      activesupport (= 3.2.13)
      rack-ssl (~> 1.3.2)
      rake (>= 0.8.7)
      rdoc (~> 3.4)
      thor (>= 0.14.6, < 2.0)
    rake (10.0.4)
    rdoc (3.12.2)
      json (~> 1.4)
    rr (1.0.4)
    rspec (2.13.0)
      rspec-core (~> 2.13.0)
      rspec-expectations (~> 2.13.0)
      rspec-mocks (~> 2.13.0)
    rspec-core (2.13.1)
    rspec-expectations (2.13.0)
      diff-lcs (>= 1.1.3, < 2.0)
    rspec-mocks (2.13.0)
    rspec-rails (2.13.0)
      actionpack (>= 3.0)
      activesupport (>= 3.0)
      railties (>= 3.0)
      rspec-core (~> 2.13.0)
      rspec-expectations (~> 2.13.0)
      rspec-mocks (~> 2.13.0)
    ruby-conf (2.8.0)
    shoulda-matchers (1.5.4)
      activesupport (>= 3.0.0)
      bourne (~> 1.3)
    sinatra (1.3.6)
      rack (~> 1.4)
      rack-protection (~> 1.3)
      tilt (~> 1.3, >= 1.3.3)
    sprockets (2.2.2)
      hike (~> 1.2)
      multi_json (~> 1.0)
      rack (~> 1.0)
      tilt (~> 1.1, != 1.3.0)
    thor (0.17.0)
    tilt (1.3.6)
    unicode-display_width (0.1.1)
    wirble (0.1.3)

PLATFORMS
  ruby

DEPENDENCIES
  awesome_print
  fancy_irb
  hirb
  mobj
  rr
  rspec
  rspec-rails
  ruby-conf
  shoulda-matchers
  sinatra
  wirble
